PATH
  remote: .
  specs:
    coupler (0.0.9)
      carrierwave-sequel
      ethel
      ethel-sequel
      fastercsv
      jdbc-h2
      json
      linkage (= 0.0.8)
      mizuno
      rack
      sequel
      sinatra
      sinatra-flash

GEM
  remote: https://rubygems.org/
  specs:
    activemodel (3.2.12)
      activesupport (= 3.2.12)
      builder (~> 3.0.0)
    activesupport (3.2.12)
      i18n (~> 0.6)
      multi_json (~> 1.0)
    bouncy-castle-java (1.5.0146.1)
    builder (3.0.4)
    capybara (2.0.2)
      mime-types (>= 1.16)
      nokogiri (>= 1.3.3)
      rack (>= 1.0.0)
      rack-test (>= 0.5.4)
      selenium-webdriver (~> 2.0)
      xpath (~> 1.0.0)
    carrierwave (0.8.0)
      activemodel (>= 3.2.0)
      activesupport (>= 3.2.0)
    carrierwave-sequel (0.1.0)
      carrierwave
      sequel
    childprocess (0.3.8)
      ffi (~> 1.0, >= 1.0.11)
    choice (0.1.6)
    columnize (0.3.6)
    ethel (0.0.1)
    ethel-sequel (0.0.1)
      ethel
      sequel
    fastercsv (1.5.5)
    ffi (1.3.1-java)
    forgery (0.5.0)
    hashery (2.1.0)
    i18n (0.6.1)
    jdbc-h2 (1.3.170.1)
    jdbc-mysql (5.1.22.1)
    jruby-openssl (0.8.2)
      bouncy-castle-java (>= 1.5.0146.1)
    json (1.7.7-java)
    linkage (0.0.8)
      hashery
      sequel
      sequel-collation
    metaclass (0.0.1)
    mime-types (1.21)
    mizuno (0.6.6)
      childprocess (>= 0.2.6)
      choice (>= 0.1.0)
      ffi (>= 1.0.0)
      rack (>= 1.0.0)
    mocha (0.13.2)
      metaclass (~> 0.0.1)
    multi_json (1.5.1)
    nokogiri (1.5.6-java)
    rack (1.5.2)
    rack-protection (1.3.2)
      rack
    rack-test (0.6.2)
      rack (>= 1.0)
    rake (10.0.3)
    ruby-debug (0.10.4)
      columnize (>= 0.1)
      ruby-debug-base (~> 0.10.4.0)
    ruby-debug-base (0.10.4-java)
    rubyzip (0.9.9)
    selenium-webdriver (2.29.0)
      childprocess (>= 0.2.5)
      multi_json (~> 1.0)
      rubyzip
      websocket (~> 1.0.4)
    sequel (3.44.0)
    sequel-collation (0.1.0)
      sequel
    sinatra (1.3.4)
      rack (~> 1.4)
      rack-protection (~> 1.3)
      tilt (~> 1.3, >= 1.3.3)
    sinatra-flash (0.3.0)
      sinatra (>= 1.0.0)
    table_maker (0.0.2)
      sequel
    test-unit (2.5.4)
    tilt (1.3.3)
    timecop (0.5.9.2)
    websocket (1.0.7)
    xpath (1.0.0)
      nokogiri (~> 1.3)

PLATFORMS
  java

DEPENDENCIES
  capybara
  coupler!
  forgery
  jdbc-mysql
  jruby-openssl
  mocha
  nokogiri
  rake
  ruby-debug
  table_maker
  test-unit
  timecop
