GEM
  remote: http://rubygems.org/
  specs:
    activesupport (3.2.1)
      i18n (~> 0.6)
      multi_json (~> 1.0)
    bouncy-castle-java (1.5.0146.1)
    capybara (1.1.2)
      mime-types (>= 1.16)
      nokogiri (>= 1.3.3)
      rack (>= 1.0.0)
      rack-test (>= 0.5.4)
      selenium-webdriver (~> 2.0)
      xpath (~> 0.1.4)
    carrierwave (0.5.8)
      activesupport (~> 3.0)
    carrierwave-sequel (0.1.0)
      carrierwave
      sequel
    childprocess (0.3.1)
      ffi (~> 1.0.6)
    fastercsv (1.5.4)
    ffi (1.0.11-java)
    forgery (0.5.0)
    gem_plugin (0.2.3)
    git (1.2.5)
    i18n (0.6.0)
    jdbc-h2 (1.3.154)
    jdbc-mysql (5.1.13)
    jeweler (1.8.3)
      bundler (~> 1.0)
      git (>= 1.2.5)
      rake
      rdoc
    jruby-openssl (0.7.6.1)
      bouncy-castle-java (>= 1.5.0146.1)
    json (1.6.5-java)
    metaclass (0.0.1)
    mime-types (1.17.2)
    mocha (0.10.5)
      metaclass (~> 0.0.1)
    mongrel (1.1.5-java)
      gem_plugin (>= 0.2.3)
    multi_json (1.1.0)
    nokogiri (1.5.0-java)
    rack (1.3.6)
    rack-flash (0.1.2)
      rack
    rack-protection (1.2.0)
      rack
    rack-test (0.6.1)
      rack (>= 1.0)
    rake (0.9.2.2)
    rdoc (3.12)
      json (~> 1.4)
    rubyzip (0.9.6.1)
    selenium-webdriver (2.20.0)
      childprocess (>= 0.2.5)
      ffi (~> 1.0)
      multi_json (~> 1.0)
      rubyzip
    sequel (3.32.0)
    sinatra (1.3.2)
      rack (~> 1.3, >= 1.3.6)
      rack-protection (~> 1.2)
      tilt (~> 1.3, >= 1.3.3)
    table_maker (0.0.2)
      sequel
    test-unit (2.2.0)
    thor (0.14.6)
    tilt (1.3.3)
    timecop (0.3.5)
    xpath (0.1.4)
      nokogiri (~> 1.3)

PLATFORMS
  java

DEPENDENCIES
  capybara
  carrierwave-sequel
  fastercsv
  forgery
  git
  jdbc-h2
  jdbc-mysql
  jeweler
  jruby-openssl
  json
  mocha
  mongrel
  nokogiri
  rack (= 1.3.6)
  rack-flash
  rake
  sequel
  sinatra
  table_maker
  test-unit (= 2.2.0)
  thor
  timecop
