GIT
  remote: https://github.com/lotus/controller.git
  revision: 8d3081ae4a87878d4b65f35436e4531a15cde682
  specs:
    lotus-controller (0.2.0)
      lotus-utils (~> 0.2)
      rack (~> 1.5)

GIT
  remote: https://github.com/lotus/lotus.git
  revision: 41d1fe8624b5f26c111cc019283602fedc8fd237
  specs:
    lotusrb (0.1.0)
      lotus-controller (~> 0.2)
      lotus-router (~> 0.1, >= 0.1.1)
      lotus-utils (~> 0.2)
      lotus-view (~> 0.2)
      thor (= 0.19.1)

GIT
  remote: https://github.com/lotus/model.git
  revision: 62718ee6eb048f50259cd6fe8fb84a62e97a2598
  specs:
    lotus-model (0.1.2)
      lotus-utils (~> 0.2)
      sequel (~> 4.9)

GIT
  remote: https://github.com/lotus/router.git
  revision: 18bb40dff6f5273fe9357462686b26eee9ebf994
  specs:
    lotus-router (0.1.1)
      http_router (~> 0.11)
      lotus-utils (~> 0)

GIT
  remote: https://github.com/lotus/utils.git
  revision: 91a9769dc3e244dbe288e169af1deafd808b1f3d
  specs:
    lotus-utils (0.2.0)

GIT
  remote: https://github.com/lotus/validators.git
  revision: 34ba81a82fdebb15a511521c460b5bff14dcfb5a
  specs:
    lotus-validations (0.0.1)
      lotus-utils (~> 0.2)

GIT
  remote: https://github.com/lotus/view.git
  revision: 9ea4147cdaf9b2b89288ac57c93a7f327266e2ec
  specs:
    lotus-view (0.2.0)
      lotus-utils (~> 0.2)
      tilt (~> 2.0, >= 2.0.1)

GEM
  remote: https://rubygems.org/
  specs:
    diff-lcs (1.2.5)
    forme (1.0.0)
    http_router (0.11.1)
      rack (>= 1.0.0)
      url_mount (~> 0.2.1)
    rack (1.5.2)
    rspec (3.0.0)
      rspec-core (~> 3.0.0)
      rspec-expectations (~> 3.0.0)
      rspec-mocks (~> 3.0.0)
    rspec-core (3.0.4)
      rspec-support (~> 3.0.0)
    rspec-expectations (3.0.4)
      diff-lcs (>= 1.2.0, < 2.0)
      rspec-support (~> 3.0.0)
    rspec-mocks (3.0.4)
      rspec-support (~> 3.0.0)
    rspec-support (3.0.4)
    sequel (4.13.0)
    thor (0.19.1)
    tilt (2.0.1)
    url_mount (0.2.1)
      rack

PLATFORMS
  ruby

DEPENDENCIES
  forme
  lotus-controller!
  lotus-model!
  lotus-router!
  lotus-utils!
  lotus-validations!
  lotus-view!
  lotusrb!
  rspec
