GEM
  remote: http://rubygems.org/
  specs:
    activesupport (3.0.5)
    carrierwave (0.5.2)
      activesupport (~> 3.0)
    factory_girl (1.3.3)
    fastercsv (1.5.4)
    forgery (0.3.7)
      nokogiri (~> 1.4)
    gem_plugin (0.2.3)
    git (1.2.5)
    json (1.5.1-java)
    mocha (0.9.12)
    mongrel (1.1.5-java)
      gem_plugin (>= 0.2.3)
    nokogiri (1.4.4.2-java)
      weakling (>= 0.0.3)
    rack (1.2.2)
    rack-flash (0.1.1)
      rack
    rack-test (0.5.7)
      rack (>= 1.0)
    rake (0.8.7)
    sequel (3.21.0)
    sinatra (1.2.0)
      rack (~> 1.1)
      tilt (>= 1.2.2, < 2.0)
    table_maker (0.0.2)
      sequel
    test-unit (2.2.0)
    thor (0.14.6)
    tilt (1.2.2)
    timecop (0.3.5)
    weakling (0.0.4-java)

PLATFORMS
  java

DEPENDENCIES
  carrierwave
  factory_girl
  fastercsv
  forgery
  git
  json
  mocha
  mongrel
  nokogiri
  rack-flash
  rack-test
  rake
  sequel
  sinatra
  table_maker
  test-unit
  thor
  timecop
