GEM
  remote: http://rubygems.org/
  specs:
    activesupport (3.0.9)
    bouncy-castle-java (1.5.0146.1)
    capybara (1.0.0)
      mime-types (>= 1.16)
      nokogiri (>= 1.3.3)
      rack (>= 1.0.0)
      rack-test (>= 0.5.4)
      selenium-webdriver (~> 0.2.0)
      xpath (~> 0.1.4)
    carrierwave (0.5.4)
      activesupport (~> 3.0)
    childprocess (0.1.9)
      ffi (~> 1.0.6)
    columnize (0.3.3)
    fastercsv (1.5.4)
    ffi (1.0.9-java)
    forgery (0.3.8)
      nokogiri (~> 1.4)
    gem_plugin (0.2.3)
    git (1.2.5)
    jdbc-h2 (1.3.154)
    jdbc-mysql (5.1.13)
    jeweler (1.6.2)
      bundler (~> 1.0)
      git (>= 1.2.5)
      rake
    jruby-openssl (0.7.4)
      bouncy-castle-java
    json (1.5.3-java)
    json_pure (1.5.3)
    mime-types (1.16)
    mocha (0.9.12)
    mongrel (1.1.5-java)
      gem_plugin (>= 0.2.3)
    nokogiri (1.4.6-java)
      weakling (>= 0.0.3)
    rack (1.3.0)
    rack-flash (0.1.1)
      rack
    rack-test (0.6.0)
      rack (>= 1.0)
    rake (0.9.2)
    ruby-debug (0.10.4)
      columnize (>= 0.1)
      ruby-debug-base (~> 0.10.4.0)
    ruby-debug-base (0.10.4-java)
    rubyzip (0.9.4)
    selenium-webdriver (0.2.1)
      childprocess (>= 0.1.7)
      ffi (>= 1.0.7)
      json_pure
      rubyzip
    sequel (3.24.1)
    sinatra (1.2.6)
      rack (~> 1.1)
      tilt (>= 1.2.2, < 2.0)
    table_maker (0.0.2)
      sequel
    test-unit (2.2.0)
    thor (0.14.6)
    tilt (1.3.2)
    timecop (0.3.5)
    weakling (0.0.4-java)
    xpath (0.1.4)
      nokogiri (~> 1.3)

PLATFORMS
  java

DEPENDENCIES
  capybara
  carrierwave
  fastercsv
  forgery
  git
  jdbc-h2
  jdbc-mysql
  jeweler
  jruby-openssl
  json
  mocha
  mongrel
  nokogiri
  rack-flash
  rake
  ruby-debug
  sequel
  sinatra
  table_maker
  test-unit (= 2.2.0)
  thor
  timecop
