GIT
  remote: https://github.com/lotus/controller.git
  revision: 8d3081ae4a87878d4b65f35436e4531a15cde682
  specs:
    lotus-controller (0.2.0)
      lotus-utils (~> 0.2)
      rack (~> 1.5)

GIT
  remote: https://github.com/lotus/lotus.git
  revision: 38d9818582812ce8022b422e92aba53672555182
  specs:
    lotusrb (0.1.0)
      lotus-controller (~> 0.2)
      lotus-router (~> 0.1, >= 0.1.1)
      lotus-utils (~> 0.2)
      lotus-view (~> 0.2)
      thor (= 0.19.1)

GIT
  remote: https://github.com/lotus/model.git
  revision: 62718ee6eb048f50259cd6fe8fb84a62e97a2598
  specs:
    lotus-model (0.1.2)
      lotus-utils (~> 0.2)
      sequel (~> 4.9)

GIT
  remote: https://github.com/lotus/router.git
  revision: 18bb40dff6f5273fe9357462686b26eee9ebf994
  specs:
    lotus-router (0.1.1)
      http_router (~> 0.11)
      lotus-utils (~> 0)

GIT
  remote: https://github.com/lotus/utils.git
  revision: 91a9769dc3e244dbe288e169af1deafd808b1f3d
  specs:
    lotus-utils (0.2.0)

GIT
  remote: https://github.com/lotus/validators.git
  revision: 34ba81a82fdebb15a511521c460b5bff14dcfb5a
  specs:
    lotus-validations (0.0.1)
      lotus-utils (~> 0.2)

GIT
  remote: https://github.com/lotus/view.git
  revision: 572061ae5838c0ffe31dde54083acb5d4206066c
  specs:
    lotus-view (0.2.0)
      lotus-utils (~> 0.2)
      tilt (~> 2.0, >= 2.0.1)

GEM
  remote: https://rubygems.org/
  specs:
    byebug (3.1.2)
      columnize (~> 0.8)
      debugger-linecache (~> 1.2)
    columnize (0.8.9)
    debugger-linecache (1.2.0)
    diff-lcs (1.2.5)
    forme (1.0.0)
    http_router (0.11.1)
      rack (>= 1.0.0)
      url_mount (~> 0.2.1)
    rack (1.5.2)
    rack-flash3 (1.0.5)
      rack
    rspec (3.0.0)
      rspec-core (~> 3.0.0)
      rspec-expectations (~> 3.0.0)
      rspec-mocks (~> 3.0.0)
    rspec-core (3.0.4)
      rspec-support (~> 3.0.0)
    rspec-expectations (3.0.4)
      diff-lcs (>= 1.2.0, < 2.0)
      rspec-support (~> 3.0.0)
    rspec-mocks (3.0.4)
      rspec-support (~> 3.0.0)
    rspec-support (3.0.4)
    sequel (4.14.0)
    thor (0.19.1)
    tilt (2.0.1)
    url_mount (0.2.1)
      rack

PLATFORMS
  ruby

DEPENDENCIES
  byebug
  forme
  lotus-controller!
  lotus-model!
  lotus-router!
  lotus-utils!
  lotus-validations!
  lotus-view!
  lotusrb!
  rack-flash3
  rspec
